GEM
  remote: http://rubygems.org/
  specs:
    abstract (1.0.0)
    actionmailer (3.0.6)
      actionpack (= 3.0.6)
      mail (~> 2.2.15)
    actionpack (3.0.6)
      activemodel (= 3.0.6)
      activesupport (= 3.0.6)
      builder (~> 2.1.2)
      erubis (~> 2.6.6)
      i18n (~> 0.5.0)
      rack (~> 1.2.1)
      rack-mount (~> 0.6.14)
      rack-test (~> 0.5.7)
      tzinfo (~> 0.3.23)
    activemodel (3.0.6)
      activesupport (= 3.0.6)
      builder (~> 2.1.2)
      i18n (~> 0.5.0)
    activerecord (3.0.6)
      activemodel (= 3.0.6)
      activesupport (= 3.0.6)
      arel (~> 2.0.2)
      tzinfo (~> 0.3.23)
    activeresource (3.0.6)
      activemodel (= 3.0.6)
      activesupport (= 3.0.6)
    activesupport (3.0.6)
    addressable (2.2.5)
    arel (2.0.9)
    bcrypt-ruby (2.1.4)
    builder (2.1.2)
    cancan (1.6.4)
    capistrano (2.5.21)
      highline
      net-scp (>= 1.0.0)
      net-sftp (>= 2.0.0)
      net-ssh (>= 2.0.14)
      net-ssh-gateway (>= 1.0.0)
    daemon_controller (0.2.6)
    devise (1.2.1)
      bcrypt-ruby (~> 2.1.2)
      orm_adapter (~> 0.0.3)
      warden (~> 1.0.3)
    erubis (2.6.6)
      abstract (>= 1.0.0)
    faraday (0.6.1)
      addressable (~> 2.2.4)
      multipart-post (~> 1.1.0)
      rack (< 2, >= 1.1.0)
    fastthread (1.0.7)
    highline (1.6.1)
    i18n (0.5.0)
    jquery-rails (0.2.7)
      rails (~> 3.0)
      thor (~> 0.14.4)
    mail (2.2.15)
      activesupport (>= 2.3.6)
      i18n (>= 0.4.0)
      mime-types (~> 1.16)
      treetop (~> 1.4.8)
    mime-types (1.16)
    multi_json (0.0.5)
    multipart-post (1.1.0)
    mysql (2.8.1)
    mysql2 (0.2.7)
    net-ldap (0.1.1)
    net-scp (1.0.4)
      net-ssh (>= 1.99.1)
    net-sftp (2.0.5)
      net-ssh (>= 2.0.9)
    net-ssh (2.1.4)
    net-ssh-gateway (1.0.1)
      net-ssh (>= 1.99.1)
    nokogiri (1.4.4)
    oa-basic (0.2.1)
      multi_json (~> 0.0.2)
      nokogiri (~> 1.4.2)
      oa-core (= 0.2.1)
      rest-client (~> 1.6.0)
    oa-core (0.2.1)
      rack (~> 1.1)
    oa-enterprise (0.2.1)
      net-ldap (~> 0.1.1)
      nokogiri (~> 1.4.2)
      oa-core (= 0.2.1)
      pyu-ruby-sasl (~> 0.0.3.1)
      rubyntlm (~> 0.1.1)
    oa-more (0.2.1)
      multi_json (~> 0.0.2)
      oa-core (= 0.2.1)
      rest-client (~> 1.6.0)
    oa-oauth (0.2.1)
      multi_json (~> 0.0.2)
      nokogiri (~> 1.4.2)
      oa-core (= 0.2.1)
      oauth (~> 0.4.0)
      oauth2 (~> 0.2.0)
    oa-openid (0.2.1)
      oa-core (= 0.2.1)
      rack-openid (~> 1.2.0)
      ruby-openid-apps-discovery
    oauth (0.4.4)
    oauth2 (0.2.0)
      faraday (~> 0.6.0)
      multi_json (~> 0.0.4)
    omniauth (0.2.1)
      oa-basic (= 0.2.1)
      oa-core (= 0.2.1)
      oa-enterprise (= 0.2.1)
      oa-more (= 0.2.1)
      oa-oauth (= 0.2.1)
      oa-openid (= 0.2.1)
    orm_adapter (0.0.4)
    paperclip (2.3.11)
      activerecord (>= 2.3.0)
      activesupport (>= 2.3.2)
    passenger (3.0.6)
      daemon_controller (>= 0.2.5)
      fastthread (>= 1.0.1)
      rack
      rake (>= 0.8.1)
    polyglot (0.3.1)
    pyu-ruby-sasl (0.0.3.2)
    rack (1.2.2)
    rack-mount (0.6.14)
      rack (>= 1.0.0)
    rack-openid (1.2.0)
      rack (>= 1.1.0)
      ruby-openid (>= 2.1.8)
    rack-test (0.5.7)
      rack (>= 1.0)
    rails (3.0.6)
      actionmailer (= 3.0.6)
      actionpack (= 3.0.6)
      activerecord (= 3.0.6)
      activeresource (= 3.0.6)
      activesupport (= 3.0.6)
      bundler (~> 1.0)
      railties (= 3.0.6)
    railties (3.0.6)
      actionpack (= 3.0.6)
      activesupport (= 3.0.6)
      rake (>= 0.8.7)
      thor (~> 0.14.4)
    rake (0.8.7)
    rest-client (1.6.1)
      mime-types (>= 1.16)
    rmagick (2.13.1)
    ruby-openid (2.1.8)
    ruby-openid-apps-discovery (1.2.0)
      ruby-openid (>= 2.1.7)
    rubyntlm (0.1.1)
    thor (0.14.6)
    treetop (1.4.9)
      polyglot (>= 0.3.1)
    tzinfo (0.3.26)
    warden (1.0.3)
      rack (>= 1.0.0)
    will_paginate (3.0.pre2)

PLATFORMS
  ruby

DEPENDENCIES
  cancan
  capistrano
  devise
  jquery-rails
  mysql
  mysql2
  omniauth
  paperclip
  passenger
  rails (= 3.0.6)
  rmagick
  will_paginate (~> 3.0.pre2)
